GEM
  remote: http://rubygems.org/
  specs:
    mimemagic (0.3.3)
    webrick (1.4.2)

PLATFORMS
  ruby

DEPENDENCIES
  mimemagic
  webrick

BUNDLED WITH
   2.0.2
